GEM
  remote: https://rubygems.org/
  specs:
    colorator (1.1.0)
    concurrent-ruby (1.3.5)
    exifr (1.4.1)
    fspath (3.1.2)
    image_optim (0.31.4)
      exifr (~> 1.2, >= 1.2.2)
      fspath (~> 3.0)
      image_size (>= 1.5, < 4)
      in_threads (~> 1.3)
      progress (~> 3.0, >= 3.0.1)
    image_optim_pack (0.12.1.20250704)
      fspath (>= 2.1, < 4)
      image_optim (~> 0.19)
    image_optim_pack (0.12.1.20250704-arm64-darwin)
      fspath (>= 2.1, < 4)
      image_optim (~> 0.19)
    image_size (3.4.0)
    in_threads (1.6.0)
    progress (3.6.0)
    rake (13.3.0)
    tzinfo (2.0.6)
      concurrent-ruby (~> 1.0)

PLATFORMS
  arm64-darwin-22
  arm64-darwin-23
  ruby

DEPENDENCIES
  colorator
  image_optim
  image_optim_pack
  rake
  tzinfo

BUNDLED WITH
   2.1.4
